GEM
  remote: https://yoomee:wLjuGMTu30AvxVyIrq3datc73LVUkvo@gems.yoomee.com/
  remote: http://gems.github.com/
  remote: https://rubygems.org/
  specs:
    Ascii85 (1.0.1)
    aasm (2.3.1)
      activerecord
    abstract (1.0.0)
    actionmailer (2.3.5)
      actionpack (= 2.3.5)
    actionpack (2.3.5)
      activesupport (= 2.3.5)
      rack (~> 1.0.0)
    activerecord (2.3.5)
      activesupport (= 2.3.5)
    activeresource (2.3.5)
      activesupport (= 2.3.5)
    activesupport (2.3.5)
    acts-as-taggable-on (2.0.6)
    addressable (2.2.8)
    after_commit (1.0.11)
      activerecord (>= 1.15.6, < 3.0.0)
    arel (3.0.2)
    aws-s3 (0.6.2)
      builder
      mime-types
      xml-simple
    barista (1.2.1)
      coffee-script (~> 2.2)
    builder (2.1.2)
    chronic (0.6.7)
    cocaine (0.2.1)
    coffee-script (2.2.0)
      coffee-script-source
      execjs
    coffee-script-source (1.2.0)
    datetimespan (0.1.0)
    dragonfly (0.8.2)
      rack
    duration (0.1.0)
    engineyard (1.4.29)
      engineyard-serverside-adapter (= 1.6.4)
      escape (~> 0.0.4)
      highline (~> 1.6.1)
      json_pure
      launchy (= 2.0.5)
      net-ssh (~> 2.2.1)
      rest-client (~> 1.6.0)
    engineyard-serverside-adapter (1.6.4)
      escape (~> 0.0.4)
      json_pure
    erubis (2.6.2)
      abstract (>= 1.0.0)
    escape (0.0.4)
    eventmachine (0.12.6)
    execjs (1.3.0)
      multi_json (~> 1.0)
    extlib (0.9.9)
    facebooker (1.0.75)
      json_pure (>= 1.0.0)
    facebooker2 (0.0.16)
      mogli (>= 0.0.33)
      ruby-hmac
    facter (1.5.2)
    fast_xs (0.8.0)
    fastercsv (1.5.4)
    ferret (0.11.6)
      rake (> 0.0.0)
    flickr-fu (0.1.4)
      xml-magic
    forgery (0.5.0)
    formtastic (1.0.1)
      actionpack (>= 2.3.0, < 3.0.0)
      activesupport (>= 2.3.0, < 3.0.0)
      i18n (< 0.4)
    geokit (1.6.0)
    git (1.2.5)
    googlecharts (1.6.8)
    haml (3.0.25)
    has_many_polymorphs (2.13)
      activerecord
    hashie (1.1.0)
    highline (1.6.19)
    hpricot (0.8.6)
    httmultiparty (0.3.6)
      httparty (>= 0.7.3)
      multipart-post
    httparty (0.8.0)
      multi_json
      multi_xml
    i18n (0.3.7)
    igrigorik-em-http-request (0.1.5)
      eventmachine (>= 0.12.2)
    inflectious (0.2.4)
    inline_attachment (0.4.5)
      mime-types (>= 1.15)
    jnunemaker-validatable (1.8.4)
      activesupport (>= 2.3.4)
    json (1.1.3)
    json_pure (1.8.0)
    launchy (2.0.5)
      addressable (~> 2.2.6)
    memcache-client (1.8.5)
    mime-types (1.16)
    mixlib-cli (1.3.0)
    mixlib-config (1.1.2)
    mixlib-log (1.6.0)
    mogli (0.0.37)
      hashie (~> 1.1.0)
      httmultiparty (>= 0.3.6)
      httparty (>= 0.4.3)
      multi_json (~> 1.0.3)
    multi_json (1.0.4)
    multi_xml (0.4.1)
    multipart-post (1.1.4)
    mysql (2.8.1)
    net-ssh (2.2.2)
    nokogiri (1.5.0)
    ohai (0.3.4)
      extlib
      mixlib-cli
      mixlib-config
      mixlib-log
      systemu
    open4 (0.9.6)
    paperclip (2.5.0)
      activerecord (>= 2.3.0)
      activesupport (>= 2.3.2)
      cocaine (>= 0.0.2)
      mime-types
    patientslikeme-campaign_monitor (1.3.0)
      xml-simple (>= 1.0.11)
    pdf-reader (1.0.0)
      Ascii85 (~> 1.0.0)
      ruby-rc4
    pdfkit (0.5.2)
    plist (3.1.0)
    prawn (0.12.0)
      pdf-reader (>= 0.9.0)
      ttfunk (~> 1.0.2)
    rack (1.0.1)
    rack-cache (1.0)
      rack (>= 0.4)
    rack-protection (1.2.0)
      rack
    rails (2.3.5)
      actionmailer (= 2.3.5)
      actionpack (= 2.3.5)
      activerecord (= 2.3.5)
      activeresource (= 2.3.5)
      activesupport (= 2.3.5)
      rake (>= 0.8.3)
    rake (0.8.3)
    recaptcha (0.3.4)
    redis (2.2.2)
    redis-namespace (1.0.3)
      redis (< 3.0.0)
    responds_to_parent (1.0.20091013)
    resque (1.19.0)
      multi_json (~> 1.0)
      redis-namespace (~> 1.0.2)
      sinatra (>= 0.9.2)
      vegas (~> 0.1.2)
    rest-client (1.6.7)
      mime-types (>= 1.16)
    rexml-expansion-fix (1.0.1)
    riddle (1.5.9)
    right_aws (1.10.0)
      right_http_connection (>= 1.2.4)
    right_http_connection (1.2.4)
    rmagick (2.13.2)
    ruby-hmac (0.4.0)
    ruby-openid (2.1.2)
    ruby-rc4 (0.1.3)
    rubyforge (1.0.3)
    rubygems-update (1.5.2)
    rufus-scheduler (2.0.16)
      tzinfo (>= 0.3.23)
    sinatra (1.0)
      rack (>= 1.0)
    sparklines (0.5.2)
    starling-starling (0.10.0)
      eventmachine (>= 0.12.0)
      memcache-client (>= 1.7.0)
    stomp (1.0.6)
    system_timer (1.2.4)
    systemu (2.5.2)
    thinking-sphinx (1.3.20)
      activerecord (>= 1.15.6, < 3.0.0)
      after_commit (>= 1.0.6)
      riddle (>= 1.0.10)
    tilt (1.3.3)
    ttfunk (1.0.3)
    tzinfo (0.3.31)
    unicorn (1.1.5)
      rack
    validatable (1.6.7)
    vegas (0.1.11)
      rack (>= 1.0.0)
    whenever (0.7.0)
      activesupport (>= 2.3.4)
      chronic (~> 0.6.3)
    will_paginate (2.3.15)
    xml-magic (0.1.1)
    xml-simple (1.0.12)
    yajl-ruby (1.1.0)
    yoomee (0.0.1)
    yoomee-decent_exposure (1.2.1)
    yoomee-searchlogic (2.4.27)
      activerecord (>= 2.0.0)
    zip (2.0.2)

PLATFORMS
  ruby

DEPENDENCIES
  Ascii85 (= 1.0.1)
  aasm (= 2.3.1)
  abstract (= 1.0.0)
  actionmailer (= 2.3.5)
  actionpack (= 2.3.5)
  activerecord (= 2.3.5)
  activeresource (= 2.3.5)
  activesupport (= 2.3.5)
  acts-as-taggable-on (= 2.0.6)
  arel (= 3.0.2)
  aws-s3 (= 0.6.2)
  barista (= 1.2.1)
  builder (= 2.1.2)
  cocaine (= 0.2.1)
  coffee-script (= 2.2.0)
  coffee-script-source (= 1.2.0)
  datetimespan (= 0.1.0)
  dragonfly (= 0.8.2)
  duration (= 0.1.0)
  engineyard (= 1.4.29)
  erubis (= 2.6.2)
  eventmachine (= 0.12.6)
  execjs (= 1.3.0)
  extlib (= 0.9.9)
  facebooker
  facebooker2 (= 0.0.16)
  facter (= 1.5.2)
  fast_xs (= 0.8.0)
  fastercsv (= 1.5.4)
  ferret (= 0.11.6)
  flickr-fu (= 0.1.4)
  forgery (= 0.5.0)
  formtastic (= 1.0.1)
  geokit (= 1.6.0)
  git (= 1.2.5)
  googlecharts (= 1.6.8)
  haml (= 3.0.25)
  has_many_polymorphs (= 2.13)
  hashie (= 1.1.0)
  hpricot (= 0.8.6)
  httmultiparty (= 0.3.6)
  httparty (= 0.8.0)
  i18n (= 0.3.7)
  igrigorik-em-http-request (= 0.1.5)
  inflectious (= 0.2.4)
  inline_attachment (= 0.4.5)
  jnunemaker-validatable (= 1.8.4)
  json (= 1.1.3)
  memcache-client (= 1.8.5)
  mime-types (= 1.16)
  mogli (= 0.0.37)
  multi_json (= 1.0.4)
  multi_xml (= 0.4.1)
  multipart-post (= 1.1.4)
  mysql (= 2.8.1)
  net-ssh (= 2.2.2)
  nokogiri (= 1.5.0)
  ohai (= 0.3.4)
  open4 (= 0.9.6)
  paperclip (= 2.5.0)
  patientslikeme-campaign_monitor (= 1.3.0)
  pdf-reader (= 1.0.0)
  pdfkit (= 0.5.2)
  plist (= 3.1.0)
  prawn (= 0.12.0)
  rack (= 1.0.1)
  rack-cache (= 1.0)
  rack-protection (= 1.2.0)
  rails (= 2.3.5)
  rake (= 0.8.3)
  recaptcha (= 0.3.4)
  redis (= 2.2.2)
  redis-namespace (= 1.0.3)
  responds_to_parent (= 1.0.20091013)
  resque (= 1.19.0)
  rexml-expansion-fix (= 1.0.1)
  right_aws (= 1.10.0)
  right_http_connection (= 1.2.4)
  rmagick (= 2.13.2)
  ruby-hmac (= 0.4.0)
  ruby-openid (= 2.1.2)
  ruby-rc4 (= 0.1.3)
  rubyforge (= 1.0.3)
  rubygems-update (= 1.5.2)
  rufus-scheduler (= 2.0.16)
  sinatra (= 1.0)
  sparklines (= 0.5.2)
  starling-starling (= 0.10.0)
  stomp (= 1.0.6)
  system_timer (= 1.2.4)
  thinking-sphinx (= 1.3.20)
  tilt (= 1.3.3)
  ttfunk (= 1.0.3)
  tzinfo (= 0.3.31)
  unicorn (= 1.1.5)
  validatable (= 1.6.7)
  vegas (= 0.1.11)
  whenever (= 0.7.0)
  will_paginate (= 2.3.15)
  xml-magic (= 0.1.1)
  xml-simple (= 1.0.12)
  yajl-ruby (= 1.1.0)
  yoomee
  yoomee-decent_exposure (= 1.2.1)
  yoomee-searchlogic (= 2.4.27)
  zip (= 2.0.2)
